PATH
  remote: ../rulers
  specs:
    rulers (0.0.2)
      rack (~> 2.2)

GEM
  remote: https://rubygems.org/
  specs:
    rack (2.2.4)

PLATFORMS
  arm64-darwin-21

DEPENDENCIES
  rulers!

BUNDLED WITH
   2.3.12
