PATH
  remote: ../rulers
  specs:
    rulers (0.0.2)
      rack (~> 2.2)

GEM
  remote: https://rubygems.org/
  specs:
    rack (2.2.4)
    webrick (1.7.0)

PLATFORMS
  arm64-darwin-21

DEPENDENCIES
  rulers!
  webrick (~> 1.7)

BUNDLED WITH
   2.3.12
